GIT
  remote: https://github.com/mheffner/Scamp.git
  revision: 362b8385db9b16ce09607c824e5b0d9f9ade0bcc
  branch: feature/pass_action_context
  specs:
    scamp (0.1.2)
      em-http-request (~> 1.0.0.beta.4)
      eventmachine (~> 1.0.0.beta.4)
      yajl-ruby (~> 0.8.3)

GEM
  remote: http://rubygems.org/
  specs:
    addressable (2.2.6)
    can-has-lolcat (1.1.0)
    em-http-request (1.0.0)
      addressable (>= 2.2.3)
      em-socksify
      eventmachine (>= 1.0.0.beta.3)
      http_parser.rb (>= 0.5.2)
    em-socksify (0.1.0)
      eventmachine
    eventmachine (1.0.0.beta.4)
    faraday (0.7.5)
      addressable (~> 2.2.6)
      multipart-post (~> 1.1.3)
      rack (>= 1.1.0, < 2)
    git (1.2.5)
    http_parser.rb (0.5.3)
    jeweler (1.6.4)
      bundler (~> 1.0)
      git (>= 1.2.5)
      rake
    multipart-post (1.1.3)
    rack (1.3.4)
    rake (0.9.2)
    rcov (0.9.10)
    shoulda (2.11.3)
    yajl-ruby (0.8.3)

PLATFORMS
  ruby

DEPENDENCIES
  bundler (~> 1.0.0)
  can-has-lolcat (~> 1.1.0)
  faraday (~> 0.7.5)
  jeweler (~> 1.6.4)
  rcov
  scamp!
  shoulda
  yajl-ruby
