GIT
  remote: https://github.com/mheffner/Scamp.git
  revision: 8e17bc65a0dd8fcade961ef9adc1e688b35cb594
  branch: feature/post_connect_cb
  specs:
    scamp (0.1.2)
      em-http-request (~> 1.0.0.beta.4)
      eventmachine (~> 1.0.0.beta.4)
      yajl-ruby (~> 0.8.3)

GEM
  remote: http://rubygems.org/
  specs:
    addressable (2.2.6)
    can-has-lolcat (1.1.0)
    em-http-request (1.0.0)
      addressable (>= 2.2.3)
      em-socksify
      eventmachine (>= 1.0.0.beta.3)
      http_parser.rb (>= 0.5.2)
    em-socksify (0.1.0)
      eventmachine
    eventmachine (1.0.0.beta.4)
    git (1.2.5)
    http_parser.rb (0.5.2)
    jeweler (1.6.4)
      bundler (~> 1.0)
      git (>= 1.2.5)
      rake
    rake (0.9.2)
    rcov (0.9.10)
    shoulda (2.11.3)
    yajl-ruby (0.8.3)

PLATFORMS
  ruby

DEPENDENCIES
  bundler (~> 1.0.0)
  can-has-lolcat (~> 1.1.0)
  jeweler (~> 1.6.4)
  rcov
  scamp!
  shoulda
