GIT
  remote: https://github.com/josephruscio/can-has-lolcat.git
  revision: ac961a6fc403d69719bb2c86e61c491288e93be7
  branch: feature/add-puppeh-support
  specs:
    can-has-lolcat (1.1.0)

GEM
  remote: http://rubygems.org/
  specs:
    addressable (2.2.6)
    cookiejar (0.3.0)
    em-http-request (1.0.2)
      addressable (>= 2.2.3)
      cookiejar
      em-socksify
      eventmachine (>= 1.0.0.beta.4)
      http_parser.rb (>= 0.5.3)
    em-socksify (0.2.0)
      eventmachine (>= 1.0.0.beta.4)
    eventmachine (1.0.0.beta.4)
    faraday (0.7.5)
      addressable (~> 2.2.6)
      multipart-post (~> 1.1.3)
      rack (>= 1.1.0, < 2)
    faraday-stack (0.1.3)
      faraday (~> 0.6)
    git (1.2.5)
    hpricot (0.8.5)
    http_parser.rb (0.5.3)
    jeweler (1.6.4)
      bundler (~> 1.0)
      git (>= 1.2.5)
      rake
    multipart-post (1.1.3)
    nokogiri (1.5.0)
    papertrail-cli (0.8.2)
      faraday (~> 0.6)
      faraday-stack (~> 0.1)
      yajl-ruby
    rack (1.3.3)
    rake (0.9.2)
    rcov (0.9.10)
    scamp (1.0.1)
      em-http-request (~> 1.0.0.beta.4)
      eventmachine (~> 1.0.0.beta.4)
      yajl-ruby (~> 0.8.3)
    shoulda (2.11.3)
    yajl-ruby (0.8.3)

PLATFORMS
  ruby

DEPENDENCIES
  bundler (~> 1.0.0)
  can-has-lolcat!
  faraday (~> 0.7.5)
  hpricot (~> 0.8.5)
  jeweler (~> 1.6.4)
  nokogiri (~> 1.5.0)
  papertrail-cli (~> 0.8.2)
  rack (= 1.3.3)
  rcov
  scamp (~> 1.0.1)
  shoulda
  yajl-ruby
