GIT
  remote: https://github.com/josephruscio/can-has-lolcat.git
  revision: bee021706cc2c854b5211e8cd295a85684638fca
  branch: feature/add-puppeh-support
  specs:
    can-has-lolcat (1.1.0)

GIT
  remote: https://github.com/mheffner/Scamp.git
  revision: 0792b6e7eba704318bd0b1cbd5c87e15902aee6a
  branch: feature/msg_type_condition
  specs:
    scamp (1.1.0)
      em-http-request (~> 1.0)
      eventmachine (~> 1.0.0.rc.4)
      yajl-ruby (~> 1.1)

GEM
  remote: http://rubygems.org/
  specs:
    activesupport (4.0.0)
      i18n (~> 0.6, >= 0.6.4)
      minitest (~> 4.2)
      multi_json (~> 1.3)
      thread_safe (~> 0.1)
      tzinfo (~> 0.3.37)
    addressable (2.3.5)
    atomic (1.1.14)
    coderay (1.0.9)
    cookiejar (0.3.0)
    em-http-request (1.1.1)
      addressable (>= 2.3.4)
      cookiejar
      em-socksify (>= 0.3)
      eventmachine (>= 1.0.3)
      http_parser.rb (>= 0.6.0.beta.2)
    em-socksify (0.3.0)
      eventmachine (>= 1.0.0.beta.4)
    em-synchrony (1.0.3)
      eventmachine (>= 1.0.0.beta.1)
    eventmachine (1.0.3)
    faraday (0.7.6)
      addressable (~> 2.2)
      multipart-post (~> 1.1)
      rack (~> 1.1)
    faraday_middleware (0.8.8)
      faraday (>= 0.7.4, < 0.9)
    git (1.2.6)
    hiredis (0.4.5)
    hpricot (0.8.6)
    http_parser.rb (0.6.0.beta.2)
    i18n (0.6.5)
    jeweler (1.6.4)
      bundler (~> 1.0)
      git (>= 1.2.5)
      rake
    little-plugger (1.1.3)
    logging (1.7.2)
      little-plugger (>= 1.1.3)
    method_source (0.7.1)
    minitest (4.7.5)
    multi_json (1.8.1)
    multipart-post (1.2.0)
    nokogiri (1.5.10)
    papertrail (0.8.4)
      faraday (>= 0.6, < 0.9)
      faraday_middleware (~> 0.8.4)
      yajl-ruby
    papertrail-cli (0.8.5)
      papertrail (~> 0.8.4)
    pry (0.9.9.6)
      coderay (~> 1.0.5)
      method_source (~> 0.7.1)
      slop (>= 2.4.4, < 3)
    rack (1.3.3)
    rake (10.1.0)
    redis (2.2.2)
    rollout (2.0.0)
      redis
    rollout-zk (1.0.1)
      rollout (>= 2.0)
      yajl-ruby
      zk
    shoulda (3.5.0)
      shoulda-context (~> 1.0, >= 1.0.1)
      shoulda-matchers (>= 1.4.1, < 3.0)
    shoulda-context (1.1.5)
    shoulda-matchers (2.4.0)
      activesupport (>= 3.0.0)
    slop (2.4.4)
    thread_safe (0.1.3)
      atomic
    tzinfo (0.3.38)
    yajl-ruby (1.1.0)
    zk (1.9.2)
      logging (~> 1.7.2)
      zookeeper (~> 1.4.0)
    zookeeper (1.4.6)

PLATFORMS
  ruby

DEPENDENCIES
  can-has-lolcat!
  em-synchrony
  eventmachine (~> 1.0.3)
  faraday (~> 0.7.5)
  hiredis (~> 0.4.5)
  hpricot (~> 0.8.5)
  jeweler (~> 1.6.4)
  nokogiri (~> 1.5.0)
  papertrail-cli (~> 0.8.5)
  pry (~> 0.9.9.4)
  rack (= 1.3.3)
  redis (~> 2.2.2)
  rollout (~> 2.0.0)
  rollout-zk (~> 1.0.1)
  scamp!
  shoulda
  yajl-ruby
